GIT
  remote: git@dev.cyfronet.pl:commons/grid-proxy.git
  revision: c009a8c9697c55fe0c800375c866a61f6f3d39b6
  specs:
    grid-proxy (0.0.1)

GIT
  remote: git@dev.cyfronet.pl:commons/ruby-gridftp.git
  revision: 034f51520642e98b737d99121cb5724ab284c6cb
  branch: master
  specs:
    ruby-gridftp (0.0.1)
      ffi (~> 1.9, >= 1.9.3)

PATH
  remote: /home/marek/git/datanet-skel
  specs:
    datanet-skel (0.0.1)
      grape (= 0.6.0)
      json
      json-schema
      net-sftp
      settingslogic
      sinatra

GEM
  remote: https://rubygems.org/
  specs:
    activesupport (4.0.2)
      i18n (~> 0.6, >= 0.6.4)
      minitest (~> 4.2)
      multi_json (~> 1.3)
      thread_safe (~> 0.1)
      tzinfo (~> 0.3.37)
    atomic (1.1.14)
    axiom-types (0.0.5)
      descendants_tracker (~> 0.0.1)
      ice_nine (~> 0.9)
    backports (3.3.5)
    bson (1.9.2)
    bson_ext (1.9.2)
      bson (~> 1.9.2)
    builder (3.2.2)
    celluloid (0.15.2)
      timers (~> 1.1.0)
    coderay (1.1.0)
    coercible (0.2.0)
      backports (~> 3.0, >= 3.1.0)
      descendants_tracker (~> 0.0.1)
    descendants_tracker (0.0.3)
    diff-lcs (1.2.5)
    equalizer (0.0.8)
    ffi (1.9.3)
    formatador (0.2.4)
    grape (0.6.0)
      activesupport
      builder
      hashie (>= 1.2.0)
      multi_json (>= 1.3.2)
      multi_xml (>= 0.5.2)
      rack (>= 1.3.0)
      rack-accept
      rack-mount
      virtus
    guard (2.2.4)
      formatador (>= 0.2.4)
      listen (~> 2.1)
      lumberjack (~> 1.0)
      pry (>= 0.9.12)
      thor (>= 0.18.1)
    guard-rspec (4.0.4)
      guard (>= 2.1.1)
      rspec (~> 2.14)
    hashie (2.0.5)
    i18n (0.6.9)
    ice_nine (0.10.0)
    json (1.8.1)
    json-schema (2.1.3)
    libnotify (0.8.2)
      ffi (>= 1.0.11)
    listen (2.2.0)
      celluloid (>= 0.15.2)
      rb-fsevent (>= 0.9.3)
      rb-inotify (>= 0.9)
    lumberjack (1.0.4)
    method_source (0.8.2)
    minitest (4.7.5)
    mongo (1.9.2)
      bson (~> 1.9.2)
    multi_json (1.8.2)
    multi_xml (0.5.5)
    net-sftp (2.1.2)
      net-ssh (>= 2.6.5)
    net-ssh (2.7.0)
    pry (0.9.12.4)
      coderay (~> 1.0)
      method_source (~> 0.8)
      slop (~> 3.4)
    rack (1.5.2)
    rack-accept (0.4.5)
      rack (>= 0.4)
    rack-mount (0.8.3)
      rack (>= 1.0.0)
    rack-protection (1.5.1)
      rack
    rack-test (0.6.2)
      rack (>= 1.0)
    rb-fchange (0.0.6)
      ffi
    rb-fsevent (0.9.3)
    rb-inotify (0.9.2)
      ffi (>= 0.5.0)
    rspec (2.14.1)
      rspec-core (~> 2.14.0)
      rspec-expectations (~> 2.14.0)
      rspec-mocks (~> 2.14.0)
    rspec-core (2.14.7)
    rspec-expectations (2.14.4)
      diff-lcs (>= 1.1.3, < 2.0)
    rspec-mocks (2.14.4)
    settingslogic (2.0.9)
    shotgun (0.9)
      rack (>= 1.0)
    sinatra (1.4.4)
      rack (~> 1.4)
      rack-protection (~> 1.4)
      tilt (~> 1.3, >= 1.3.4)
    slop (3.4.7)
    thor (0.18.1)
    thread_safe (0.1.3)
      atomic
    tilt (1.4.1)
    timers (1.1.0)
    tzinfo (0.3.38)
    virtus (1.0.0)
      axiom-types (~> 0.0.5)
      coercible (~> 0.2)
      descendants_tracker (~> 0.0.1)
      equalizer (~> 0.0.7)

PLATFORMS
  ruby

DEPENDENCIES
  bson
  bson_ext
  datanet-skel!
  grid-proxy!
  guard
  guard-rspec
  libnotify
  mongo
  net-sftp
  pry
  rack
  rack-test
  rb-fchange
  rb-fsevent
  rb-inotify
  rspec
  rspec-mocks
  ruby-gridftp!
  settingslogic
  shotgun
