GEM
  remote: https://rubygems.org/
  specs:
    activesupport (3.2.9)
      i18n (~> 0.6)
      multi_json (~> 1.0)
    backports (2.6.5)
    bson (1.7.0)
    bson_ext (1.7.0)
      bson (~> 1.7.0)
    builder (3.1.4)
    coderay (1.0.8)
    datanet-skel (0.0.1)
      grape
      json
      json-schema
      sinatra
    descendants_tracker (0.0.1)
    diff-lcs (1.2.4)
    ffi (1.2.0)
    grape (0.2.3)
      activesupport
      builder
      hashie (~> 1.2)
      multi_json (>= 1.3.2)
      multi_xml
      rack
      rack-accept
      rack-mount
      virtus
    guard (1.5.4)
      listen (>= 0.4.2)
      lumberjack (>= 1.0.2)
      pry (>= 0.9.10)
      thor (>= 0.14.6)
    guard-rspec (2.2.1)
      guard (>= 1.1)
      rspec (~> 2.11)
    hashie (1.2.0)
    i18n (0.6.1)
    json (1.7.6)
    json-schema (1.0.12)
    libnotify (0.8.0)
      ffi (>= 1.0.11)
    listen (0.6.0)
    lumberjack (1.0.2)
    method_source (0.8.1)
    mongo (1.7.0)
      bson (~> 1.7.0)
    multi_json (1.5.0)
    multi_xml (0.5.1)
    net-sftp (2.1.2)
      net-ssh (>= 2.6.5)
    net-ssh (2.6.8)
    pry (0.9.10)
      coderay (~> 1.0.5)
      method_source (~> 0.8)
      slop (~> 3.3.1)
    rack (1.4.1)
    rack-accept (0.4.5)
      rack (>= 0.4)
    rack-mount (0.8.3)
      rack (>= 1.0.0)
    rack-protection (1.3.2)
      rack
    rack-test (0.6.2)
      rack (>= 1.0)
    rb-fchange (0.0.6)
      ffi
    rb-fsevent (0.9.2)
    rb-inotify (0.8.8)
      ffi (>= 0.5.0)
    rspec (2.14.1)
      rspec-core (~> 2.14.0)
      rspec-expectations (~> 2.14.0)
      rspec-mocks (~> 2.14.0)
    rspec-core (2.14.5)
    rspec-expectations (2.14.3)
      diff-lcs (>= 1.1.3, < 2.0)
    rspec-mocks (2.14.3)
    settingslogic (2.0.9)
    shotgun (0.9)
      rack (>= 1.0)
    sinatra (1.3.3)
      rack (~> 1.3, >= 1.3.6)
      rack-protection (~> 1.2)
      tilt (~> 1.3, >= 1.3.3)
    slop (3.3.3)
    thor (0.16.0)
    tilt (1.3.3)
    virtus (0.5.4)
      backports (~> 2.6.1)
      descendants_tracker (~> 0.0.1)

PLATFORMS
  ruby

DEPENDENCIES
  bson
  bson_ext
  datanet-skel
  guard
  guard-rspec
  libnotify
  mongo
  net-sftp
  pry
  rack
  rack-test
  rb-fchange
  rb-fsevent
  rb-inotify
  rspec
  rspec-mocks
  settingslogic
  shotgun
